GEM
  remote: https://rubygems.org/
  specs:
    chunky_png (1.3.1)
    compass (0.13.alpha.12)
      chunky_png (~> 1.2)
      json
      listen (~> 1.1.0)
      sass (~> 3.3.0.rc.1)
    ffi (1.9.3)
    foundation (1.0.4)
      thor (>= 0.18.1)
    json (1.8.1)
    listen (1.1.6)
      rb-fsevent (>= 0.9.3)
      rb-inotify (>= 0.9)
      rb-kqueue (>= 0.2)
    rb-fsevent (0.9.4)
    rb-inotify (0.9.5)
      ffi (>= 0.5.0)
    rb-kqueue (0.2.3)
      ffi (>= 0.5.0)
    sass (3.3.8)
    thor (0.19.1)

PLATFORMS
  ruby

DEPENDENCIES
  compass
  foundation
